GEM
  remote: https://rubygems.org/
  specs:
    haml (4.0.0)
      tilt
    rake (10.0.3)
    sass (3.2.7)
    tilt (1.3.5)
    watchr (0.7)

PLATFORMS
  ruby

DEPENDENCIES
  haml
  rake
  sass
  watchr
